GEM
  remote: https://rubygems.org/
  specs:
    delayer (1.1.2)
    instance_storage (1.0.0)
    pluggaloid (1.5.0)
      delayer (>= 1.1.0, < 2.0)
      instance_storage (>= 1.0.0, < 2.0.0)

PLATFORMS
  ruby

DEPENDENCIES
  pluggaloid (>= 1.0.1, < 2.0)

BUNDLED WITH
   2.1.4
