GEM
  remote: https://rubygems.org/
  specs:
    delayer (0.0.2)
    egison (1.0.0)
    instance_storage (1.0.0)
    matsuya (0.2.3)
      egison (~> 1.0)
    moneta (0.8.0)
    pluggaloid (1.0.2)
      delayer
      instance_storage (>= 1.0.0, < 2.0.0)

PLATFORMS
  ruby

DEPENDENCIES
  matsuya (>= 0.2.3, < 0.3)
  moneta (>= 0.8.0, < 0.9)
  pluggaloid (>= 1.0.1, < 2.0)

BUNDLED WITH
   1.10.6
