GEM
  remote: https://rubygems.org/
  specs:
    delayer (1.2.1)
    egison (1.0.0)
    instance_storage (1.0.0)
    matsuya (0.4.0)
      egison (~> 1.0)
    minitest (5.18.0)
    moneta (1.4.2)
    pluggaloid (1.7.0)
      delayer (>= 1.1.0, < 2.0)
      instance_storage (>= 1.0.0, < 2.0.0)
    rake (13.0.6)

PLATFORMS
  ruby

DEPENDENCIES
  matsuya (>= 0.4.0, < 1)
  minitest
  moneta (>= 1.4.0, < 1.5)
  pluggaloid (>= 1.5.0, < 2)
  rake

BUNDLED WITH
   2.4.6
