GEM
  remote: https://rubygems.org/
  specs:
    delayer (1.1.2)
    egison (1.0.0)
    hashie (4.1.0)
    instance_storage (1.0.0)
    matsuya (0.4.0)
      egison (~> 1.0)
    minitest (5.14.4)
    moneta (1.4.1)
    pluggaloid (1.5.0)
      delayer (>= 1.1.0, < 2.0)
      instance_storage (>= 1.0.0, < 2.0.0)

PLATFORMS
  ruby

DEPENDENCIES
  hashie (>= 4.1.0, < 4.2)
  matsuya (>= 0.4.0, < 1)
  minitest
  moneta (>= 1.4.0, < 1.5)
  pluggaloid (>= 1.5.0, < 2)

BUNDLED WITH
   2.2.4
